GEM
  specs:

PLATFORMS
  universal-darwin-17

DEPENDENCIES

BUNDLED WITH
   2.2.20
